GENERATE-LOAD-SCRIPTS: OFF
STORAGE: NONE
RESTRICTION: == netcoreapp5.0
NUGET
  remote: https://api.nuget.org/v3/index.json
    FsCheck (2.16.3)
      FSharp.Core (>= 4.2.3)
    FSharp.Core (6.0)
    NLog (4.7.11)
